GEM
  remote: https://rubygems.org/
  specs:
    kgio (2.11.4)
    rack (2.2.3)
    raindrops (0.19.2)
    unicorn (6.0.0)
      kgio (~> 2.6)
      raindrops (~> 0.7)

PLATFORMS
  ruby

DEPENDENCIES
  rack
  unicorn

BUNDLED WITH
   2.1.4
